GEM
  remote: https://rubygems.org/
  specs:
    CFPropertyList (2.2.8)
    addressable (2.5.1)
      public_suffix (~> 2.0, >= 2.0.2)
    ast (2.3.0)
    coderay (1.1.1)
    coveralls (0.8.20)
      json (>= 1.8, < 3)
      simplecov (~> 0.14.1)
      term-ansicolor (~> 1.3)
      thor (~> 0.19.4)
      tins (~> 1.6)
    crack (0.4.3)
      safe_yaml (~> 1.0.0)
    diff-lcs (1.3)
    diplomat (1.1.0)
      faraday (~> 0.9)
      json
    docile (1.1.5)
    facter (2.4.6)
      CFPropertyList (~> 2.2.6)
    faraday (0.12.0.1)
      multipart-post (>= 1.2, < 3)
    fast_gettext (1.1.0)
    ffi (1.9.18)
    formatador (0.2.5)
    gettext (3.2.2)
      locale (>= 2.0.5)
      text (>= 1.3.0)
    gettext-setup (0.21)
      fast_gettext (~> 1.1.0)
      gettext (>= 3.0.2)
      locale
    guard (2.14.1)
      formatador (>= 0.2.4)
      listen (>= 2.7, < 4.0)
      lumberjack (~> 1.0)
      nenv (~> 0.1)
      notiffany (~> 0.0)
      pry (>= 0.9.12)
      shellany (~> 0.0)
      thor (>= 0.18.1)
    guard-compat (1.2.1)
    guard-rspec (4.7.3)
      guard (~> 2.1)
      guard-compat (~> 1.1)
      rspec (>= 2.99.0, < 4.0)
    guard-shell (0.7.1)
      guard (>= 2.0.0)
      guard-compat (~> 1.0)
    hashdiff (0.3.2)
    hiera (3.3.1)
    json (2.0.4)
    json-schema (2.8.0)
      addressable (>= 2.4)
    json-schema-rspec (0.0.4)
      json-schema (~> 2.5)
      rspec
    json_pure (1.8.6)
    listen (3.0.8)
      rb-fsevent (~> 0.9, >= 0.9.4)
      rb-inotify (~> 0.9, >= 0.9.7)
    locale (2.1.2)
    lumberjack (1.0.11)
    mcollective-client (2.10.3)
      json
      stomp
      systemu
    metaclass (0.0.4)
    method_source (0.8.2)
    mocha (1.2.1)
      metaclass (~> 0.0.1)
    multipart-post (2.0.0)
    nats-pure (0.1.2)
    nenv (0.3.0)
    notiffany (0.1.1)
      nenv (~> 0.1)
      shellany (~> 0.0)
    parser (2.4.0.0)
      ast (~> 2.2)
    powerpack (0.1.1)
    pry (0.10.4)
      coderay (~> 1.1.0)
      method_source (~> 0.8.1)
      slop (~> 3.4)
    public_suffix (2.0.5)
    puppet (4.10.0)
      CFPropertyList (~> 2.2.6)
      facter (> 2.0, < 4)
      gettext-setup (>= 0.10, < 1)
      hiera (>= 2.0, < 4)
      json_pure (~> 1.8)
      locale (~> 2.1)
    rainbow (2.2.1)
    rake (12.0.0)
    rb-fsevent (0.9.8)
    rb-inotify (0.9.8)
      ffi (>= 0.5.0)
    rspec (3.5.0)
      rspec-core (~> 3.5.0)
      rspec-expectations (~> 3.5.0)
      rspec-mocks (~> 3.5.0)
    rspec-core (3.5.4)
      rspec-support (~> 3.5.0)
    rspec-expectations (3.5.0)
      diff-lcs (>= 1.2.0, < 2.0)
      rspec-support (~> 3.5.0)
    rspec-mocks (3.5.0)
      diff-lcs (>= 1.2.0, < 2.0)
      rspec-support (~> 3.5.0)
    rspec-support (3.5.0)
    rubocop (0.48.1)
      parser (>= 2.3.3.1, < 3.0)
      powerpack (~> 0.1)
      rainbow (>= 1.99.1, < 3.0)
      ruby-progressbar (~> 1.7)
      unicode-display_width (~> 1.0, >= 1.0.1)
    ruby-progressbar (1.8.1)
    safe_yaml (1.0.4)
    semantic_puppet (0.1.4)
      gettext-setup (>= 0.3)
    shellany (0.0.1)
    simplecov (0.14.1)
      docile (~> 1.1.0)
      json (>= 1.8, < 3)
      simplecov-html (~> 0.10.0)
    simplecov-html (0.10.0)
    slop (3.6.0)
    stomp (1.4.3)
    systemu (2.6.5)
    term-ansicolor (1.5.0)
      tins (~> 1.0)
    text (1.3.1)
    thor (0.19.4)
    tins (1.13.2)
    unicode-display_width (1.2.1)
    webmock (3.0.0)
      addressable (>= 2.3.6)
      crack (>= 0.3.2)
      hashdiff
    yard (0.9.8)

PLATFORMS
  ruby

DEPENDENCIES
  coveralls
  diplomat (~> 1.1.0)
  guard-rspec
  guard-shell
  json-schema-rspec
  listen (~> 3.0.0)
  mcollective-client
  mocha
  nats-pure (~> 0.1.2)
  puppet (~> 4)
  rake
  rspec
  rubocop (~> 0.48.0)
  semantic_puppet
  webmock
  yard

BUNDLED WITH
   1.13.7
